GIT
  remote: https://github.com/openactive/openactive.rb.git
  revision: faafce53ac2b9ed92f6c79d1e93591e48bea6e33
  branch: master
  specs:
    openactive (0.0.1)
      json
      rest-client

GEM
  remote: https://rubygems.org/
  specs:
    addressable (2.5.2)
      public_suffix (>= 2.0.2, < 4.0)
    coveralls (0.8.21)
      json (>= 1.8, < 3)
      simplecov (~> 0.14.1)
      term-ansicolor (~> 1.3)
      thor (~> 0.19.4)
      tins (~> 1.6)
    crack (0.4.3)
      safe_yaml (~> 1.0.0)
    diff-lcs (1.3)
    docile (1.1.5)
    domain_name (0.5.20170404)
      unf (>= 0.0.5, < 1.0.0)
    hashdiff (0.3.7)
    http-cookie (1.0.3)
      domain_name (~> 0.5)
    json (2.1.0)
    local-geocoder (0.1.2)
      trollop
    mime-types (3.1)
      mime-types-data (~> 3.2015)
    mime-types-data (3.2016.0521)
    mustermann (1.0.1)
    netrc (0.11.0)
    public_suffix (3.0.1)
    rack (2.0.3)
    rack-protection (2.0.0)
      rack
    rack-test (0.6.3)
      rack (>= 1.0)
    redis (3.3.5)
    rest-client (2.0.2)
      http-cookie (>= 1.0.2, < 2.0)
      mime-types (>= 1.16, < 4.0)
      netrc (~> 0.8)
    rspec (3.7.0)
      rspec-core (~> 3.7.0)
      rspec-expectations (~> 3.7.0)
      rspec-mocks (~> 3.7.0)
    rspec-core (3.7.0)
      rspec-support (~> 3.7.0)
    rspec-expectations (3.7.0)
      diff-lcs (>= 1.2.0, < 2.0)
      rspec-support (~> 3.7.0)
    rspec-mocks (3.7.0)
      diff-lcs (>= 1.2.0, < 2.0)
      rspec-support (~> 3.7.0)
    rspec-support (3.7.0)
    safe_yaml (1.0.4)
    simplecov (0.14.1)
      docile (~> 1.1.0)
      json (>= 1.8, < 3)
      simplecov-html (~> 0.10.0)
    simplecov-html (0.10.2)
    sinatra (2.0.0)
      mustermann (~> 1.0)
      rack (~> 2.0)
      rack-protection (= 2.0.0)
      tilt (~> 2.0)
    term-ansicolor (1.6.0)
      tins (~> 1.0)
    thor (0.19.4)
    tilt (2.0.8)
    tins (1.15.1)
    trollop (2.1.2)
    unf (0.1.4)
      unf_ext
    unf_ext (0.0.7.4)
    webmock (2.3.2)
      addressable (>= 2.3.6)
      crack (>= 0.3.2)
      hashdiff

PLATFORMS
  ruby

DEPENDENCIES
  coveralls
  local-geocoder
  openactive!
  rack-test (~> 0.6.3)
  redis (~> 3.3, >= 3.3.1)
  rspec (~> 3.6)
  sinatra (~> 2.0)
  webmock (~> 2.1)

RUBY VERSION
   ruby 2.4.2p198

BUNDLED WITH
   1.16.0
